GEM
  remote: https://rubygems.org/
  specs:
    csv (3.2.0)
    nokogiri (1.11.7-x64-mingw32)
      racc (~> 1.4)
    open-uri (0.1.0)
    racc (1.5.2)

PLATFORMS
  x64-mingw32

DEPENDENCIES
  csv (~> 3.2)
  nokogiri (~> 1.11, >= 1.11.7)
  open-uri (~> 0.1.0)

BUNDLED WITH
   2.2.19
